GEM
  remote: http://ruby.taobao.org/
  specs:
    actionmailer (3.2.11)
      actionpack (= 3.2.11)
      mail (~> 2.4.4)
    actionpack (3.2.11)
      activemodel (= 3.2.11)
      activesupport (= 3.2.11)
      builder (~> 3.0.0)
      erubis (~> 2.7.0)
      journey (~> 1.0.4)
      rack (~> 1.4.0)
      rack-cache (~> 1.2)
      rack-test (~> 0.6.1)
      sprockets (~> 2.2.1)
    activemodel (3.2.11)
      activesupport (= 3.2.11)
      builder (~> 3.0.0)
    activerecord (3.2.11)
      activemodel (= 3.2.11)
      activesupport (= 3.2.11)
      arel (~> 3.0.2)
      tzinfo (~> 0.3.29)
    activeresource (3.2.11)
      activemodel (= 3.2.11)
      activesupport (= 3.2.11)
    activesupport (3.2.11)
      i18n (~> 0.6)
      multi_json (~> 1.0)
    arel (3.0.2)
    builder (3.0.4)
    capistrano (2.14.2)
      highline
      net-scp (>= 1.0.0)
      net-sftp (>= 2.0.0)
      net-ssh (>= 2.0.14)
      net-ssh-gateway (>= 1.1.0)
    carrierwave (0.8.0)
      activemodel (>= 3.2.0)
      activesupport (>= 3.2.0)
    carrierwave-mongoid (0.5.0)
      carrierwave (~> 0.8.0)
      mongoid (~> 3.0)
      mongoid-grid_fs (~> 1.3)
    chronic (0.9.1)
    coffee-rails (3.2.2)
      coffee-script (>= 2.2.0)
      railties (~> 3.2.0)
    coffee-script (2.2.0)
      coffee-script-source
      execjs
    coffee-script-source (1.6.2)
    configatron (2.10.0)
      yamler (>= 0.1.0)
    domain_name (0.5.10)
      unf (>= 0.0.5, < 1.0.0)
    erubis (2.7.0)
    execjs (1.4.0)
      multi_json (~> 1.0)
    highline (1.6.16)
    hike (1.2.1)
    i18n (0.6.4)
    journey (1.0.4)
    jquery-rails (2.2.1)
      railties (>= 3.0, < 5.0)
      thor (>= 0.14, < 2.0)
    json (1.7.7)
    libv8 (3.11.8.17)
    mail (2.4.4)
      i18n (>= 0.4.0)
      mime-types (~> 1.16)
      treetop (~> 1.4.8)
    mechanize (2.6.0)
      domain_name (~> 0.5, >= 0.5.1)
      mime-types (~> 1.17, >= 1.17.2)
      net-http-digest_auth (~> 1.1, >= 1.1.1)
      net-http-persistent (~> 2.5, >= 2.5.2)
      nokogiri (~> 1.4)
      ntlm-http (~> 0.1, >= 0.1.1)
      webrobots (>= 0.0.9, < 0.2)
    mime-types (1.22)
    mongoid (3.1.2)
      activemodel (~> 3.2)
      moped (~> 1.4.2)
      origin (~> 1.0)
      tzinfo (~> 0.3.22)
    mongoid-grid_fs (1.8.0)
      mime-types (~> 1.19)
      mongoid (~> 3.0)
    moped (1.4.5)
    multi_json (1.7.2)
    mysql2 (0.3.11)
    net-http-digest_auth (1.3)
    net-http-persistent (2.8)
    net-scp (1.1.0)
      net-ssh (>= 2.6.5)
    net-sftp (2.1.1)
      net-ssh (>= 2.6.5)
    net-ssh (2.6.6)
    net-ssh-gateway (1.2.0)
      net-ssh (>= 2.6.5)
    nokogiri (1.5.9)
    ntlm-http (0.1.1)
    origin (1.0.11)
    polyglot (0.3.3)
    pr_geohash (1.0.0)
    rack (1.4.5)
    rack-cache (1.2)
      rack (>= 0.4)
    rack-ssl (1.3.3)
      rack
    rack-test (0.6.2)
      rack (>= 1.0)
    rails (3.2.11)
      actionmailer (= 3.2.11)
      actionpack (= 3.2.11)
      activerecord (= 3.2.11)
      activeresource (= 3.2.11)
      activesupport (= 3.2.11)
      bundler (~> 1.0)
      railties (= 3.2.11)
    railties (3.2.11)
      actionpack (= 3.2.11)
      activesupport (= 3.2.11)
      rack-ssl (~> 1.3.2)
      rake (>= 0.8.7)
      rdoc (~> 3.4)
      thor (>= 0.14.6, < 2.0)
    rake (10.0.4)
    rdoc (3.12.2)
      json (~> 1.4)
    ref (1.0.4)
    rsolr (1.0.9)
      builder (>= 2.1.2)
    sass (3.2.7)
    sass-rails (3.2.6)
      railties (~> 3.2.0)
      sass (>= 3.1.10)
      tilt (~> 1.3)
    sprockets (2.2.2)
      hike (~> 1.2)
      multi_json (~> 1.0)
      rack (~> 1.0)
      tilt (~> 1.1, != 1.3.0)
    sunspot (2.0.0)
      pr_geohash (~> 1.0)
      rsolr (~> 1.0.7)
    sunspot_cell (0.1.2)
      sunspot (>= 1.3.0)
    sunspot_mongoid (0.4.1)
      mongoid
      sunspot (>= 1.1.0)
      sunspot_rails (>= 1.1.0)
    sunspot_rails (2.0.0)
      nokogiri
      sunspot (= 2.0.0)
    therubyracer (0.11.4)
      libv8 (~> 3.11.8.12)
      ref
    thor (0.18.1)
    tilt (1.3.6)
    tophold_engine (0.0.8)
      configatron (>= 2.10.0)
      mongoid
      mysql2 (>= 0.3.11)
      sunspot
      sunspot_cell
      sunspot_mongoid
    treetop (1.4.12)
      polyglot
      polyglot (>= 0.3.1)
    tzinfo (0.3.37)
    uglifier (2.0.1)
      execjs (>= 0.3.0)
      multi_json (~> 1.0, >= 1.0.2)
    unf (0.1.1)
      unf_ext
    unf_ext (0.0.6)
    webrobots (0.1.1)
    whenever (0.8.2)
      activesupport (>= 2.3.4)
      chronic (>= 0.6.3)
    yamler (0.1.0)

PLATFORMS
  ruby

DEPENDENCIES
  capistrano
  carrierwave-mongoid
  coffee-rails (~> 3.2.1)
  configatron
  jquery-rails
  mechanize
  mongoid
  mysql2
  nokogiri
  rails (= 3.2.11)
  sass-rails (~> 3.2.3)
  sunspot
  sunspot_cell
  sunspot_mongoid
  therubyracer
  tophold_engine
  uglifier (>= 1.0.3)
  whenever
